GEM
  remote: https://rubygems.org/
  specs:
    nokogiri (1.12.0.rc1-x86_64-linux)
      racc (~> 1.4)
    racc (1.5.2)

PLATFORMS
  x86_64-linux

DEPENDENCIES
  nokogiri (~> 1.12.0.rc1)

RUBY VERSION
   ruby 2.7.2p137

BUNDLED WITH
   2.2.16
